GEM
  remote: https://rubygems.org/
  specs:
    dandelion (0.4.6)
      rugged (~> 0.19.0)
    rugged (0.19.0)

PLATFORMS
  ruby

DEPENDENCIES
  dandelion
