GEM
  remote: https://rubygems.org/
  specs:
    dandelion (0.4.6)
      rugged (~> 0.19.0)
    net-sftp (2.1.2)
      net-ssh (>= 2.6.5)
    net-ssh (2.6.7)
    rugged (0.19.0)

PLATFORMS
  ruby

DEPENDENCIES
  dandelion
  net-sftp
